GEM
  remote: https://rubygems.org/
  specs:
    formatador (0.2.5)
    sqlite3 (1.3.11)

PLATFORMS
  ruby

DEPENDENCIES
  formatador
  sqlite3

BUNDLED WITH
   1.10.6
